GEM
  remote: https://rubygems.org/
  specs:
    excon (0.51.0)
    json (2.0.2)
    multi_json (1.12.1)
    neography (1.8.0)
      excon (>= 0.33.0)
      json (>= 1.7.7)
      multi_json (>= 1.3.2)
      os (>= 0.9.6)
      rake (>= 0.8.7)
      rubyzip (>= 1.0.0)
    os (0.9.6)
    rake (11.2.2)
    rubyzip (1.2.0)

PLATFORMS
  ruby

DEPENDENCIES
  neography

BUNDLED WITH
   1.12.5
